GEM
  remote: http://rubygems.org/
  specs:
    haml (4.0.3)
      tilt
    rake (10.1.0)
    rb-fsevent (0.9.3)
    sass (3.2.10)
    tilt (1.4.1)

PLATFORMS
  ruby

DEPENDENCIES
  haml
  rake
  rb-fsevent (~> 0.9)
  sass
